PATH
  remote: .
  specs:
    realtime (0.0.1)
      json
      koala (~> 0.9)
      rack

GEM
  remote: http://rubygems.org/
  specs:
    json (1.5.1)
    koala (0.9.1)
      json
    minitest (2.0.2)
    mocha (0.9.12)
    rack (1.2.2)
    rcov (0.9.9)

PLATFORMS
  ruby

DEPENDENCIES
  minitest (~> 2.0.2)
  mocha
  rcov
  realtime!
